GEM
  remote: http://rubygems.org/
  specs:
    diff-lcs (1.1.3)
    git (1.3.0)
    json (1.6.1)
    rack (1.0.1)
    rspec (2.6.0)
      rspec-core (~> 2.6.0)
      rspec-expectations (~> 2.6.0)
      rspec-mocks (~> 2.6.0)
    rspec-core (2.6.4)
    rspec-expectations (2.6.0)
      diff-lcs (~> 1.1.2)
    rspec-mocks (2.6.0)
    sinatra (1.0)
      rack (>= 1.0)

PLATFORMS
  ruby

DEPENDENCIES
  git (>= 1.3.0)
  json
  rack (= 1.0.1)
  rspec
  sinatra
